PATH
  remote: .
  specs:
    shard (0.2.0)
      netrc (~> 0.7.7)
      octokit (~> 3.3.0)
      thor (~> 0.18.1)

GEM
  remote: https://rubygems.org/
  specs:
    addressable (2.3.6)
    faraday (0.9.0)
      multipart-post (>= 1.2, < 3)
    metaclass (0.0.1)
    minitest (5.0.7)
    mocha (0.14.0)
      metaclass (~> 0.0.1)
    multi_json (1.8.0)
    multipart-post (2.0.0)
    netrc (0.7.7)
    octokit (3.3.0)
      sawyer (~> 0.5.3)
    rake (10.1.0)
    sawyer (0.5.4)
      addressable (~> 2.3.5)
      faraday (~> 0.8, < 0.10)
    simplecov (0.7.1)
      multi_json (~> 1.0)
      simplecov-html (~> 0.7.1)
    simplecov-html (0.7.1)
    thor (0.18.1)

PLATFORMS
  ruby

DEPENDENCIES
  bundler
  minitest
  mocha
  rake
  shard!
  simplecov
